GEM
  remote: https://rubygems.org/
  specs:
    mime-types (2.3)
    rack (1.5.2)
    rest-client (1.6.7)
      mime-types (>= 1.16)
    sinatra (1.1.0)
      rack (~> 1.1)
      tilt (~> 1.1)
    tilt (1.4.1)

PLATFORMS
  ruby

DEPENDENCIES
  rest-client (~> 1.6.7)
  sinatra (= 1.1.0)
